{
    "InPlanePhaseEncodingDirectionDICOM":"ROW",
    "ProcedureStepDescription":"Investigators_Young",
    "DeviceSerialNumber":"35380",
    "AcquisitionMatrixPE":72,
    "ImageOrientationPatientDICOM":[
        0.997763,
        0.0274855,
        -0.0609424,
        -0.0656104,
        0.577572,
        -0.813699
    ],
    "EffectiveEchoSpacing":0.000265,
    "TotalReadoutTime":0.018815,
    "ManufacturersModelName":"TrioTim",
    "ProtocolName":"PACExc3_Cor_DC_3mm_49sl_p2",
    "PhaseEncodingDirection":"i",
    "BandwidthPerPixelPhaseEncode":52.411,
    "RepetitionTime":2.5,
    "SeriesNumber":22,
    "PhaseEncodingSteps":71,
    "MRAcquisitionType":"2D",
    "ParallelReductionFactorInPlane":2,
    "SliceThickness":3,
    "AcquisitionNumber":1,
    "InstitutionName":"CBS_Neuroimaging",
    "DwellTime":3.1e-06,
    "TxRefAmp":310.096,
    "DerivedVendorReportedEchoSpacing":0.000529999,
    "SAR":0.165626,
    "PulseSequenceDetails":"%CustomerSeq%_Andre_ep2d_pace_MGH_xcalgo3",
    "ScanningSequence":"EP",
    "Manufacturer":"Siemens",
    "ConversionSoftware":"dcm2niix",
    "PercentPhaseFOV":100,
    "ReconMatrixPE":72,
    "FlipAngle":85,
    "ConversionSoftwareVersion":"v1.0.20171215 Clang9.0.0",
    "SeriesDescription":"PACExc3_Cor_DC_3mm_49sl_p2_unwarped",
    "PartialFourier":1,
    "InstitutionAddress":"Oxford_52_Cambridge_MA_US_02138",
    "ShimSetting":[
        -8520,
        9329,
        3015,
        629,
        -238,
        -269,
        -260,
        -34
    ],
    "AcquisitionTime":"15:30:27.330000",
    "SequenceName":"epfid2d1_72",
    "MagneticFieldStrength":3,
    "TaskName":"ieh",
    "SpacingBetweenSlices":3,
    "ImageType":[
        "ORIGINAL",
        "PRIMARY",
        "M",
        "EPIDIS2D",
        "MOSAIC"
    ],
    "ReceiveCoilName":"32Ch_Head",
    "EchoTime":0.025,
    "SequenceVariant":"SK",
    "SliceTiming":[
        0,
        1.27,
        0.0525,
        1.3225,
        0.1025,
        1.3725,
        0.1525,
        1.4225,
        0.205,
        1.475,
        0.255,
        1.525,
        0.305,
        1.575,
        0.3575,
        1.6275,
        0.4075,
        1.6775,
        0.4575,
        1.7275,
        0.51,
        1.78,
        0.56,
        1.83,
        0.61,
        1.88,
        0.66,
        1.9325,
        0.7125,
        1.9825,
        0.7625,
        2.0325,
        0.8125,
        2.0825,
        0.865,
        2.135,
        0.915,
        2.185,
        0.965,
        2.235,
        1.0175,
        2.2875,
        1.0675,
        2.3375,
        1.1175,
        2.3875,
        1.17,
        2.44,
        1.22
    ],
    "PhaseResolution":1,
    "BaseResolution":72,
    "PixelBandwidth":2240,
    "ScanOptions":"FS",
    "SoftwareVersions":"syngo_MR_B17",
    "StationName":"MEDPC",
    "Modality":"MR",
    "InstitutionalDepartmentName":"Department",
    "PatientPosition":"HFS"
}