{
    "InPlanePhaseEncodingDirectionDICOM":"ROW",
    "InversionTime":1.2,
    "ProcedureStepDescription":"Investigators_Young",
    "DeviceSerialNumber":"35380",
    "AcquisitionMatrixPE":256,
    "ImageOrientationPatientDICOM":[
        0.0651706,
        0.994269,
        -0.08475,
        -0.0187453,
        -0.0836957,
        -0.996315
    ],
    "ManufacturersModelName":"TrioTim",
    "ProtocolName":"MEMPRAGE_1mm_iso_p2",
    "RepetitionTime":2.53,
    "SeriesNumber":5,
    "PhaseEncodingSteps":255,
    "MRAcquisitionType":"3D",
    "ParallelReductionFactorInPlane":2,
    "SliceThickness":1,
    "AcquisitionNumber":1,
    "InstitutionName":"CBS_Neuroimaging",
    "DwellTime":3e-06,
    "TxRefAmp":367.267,
    "SAR":0.0832684,
    "PulseSequenceDetails":"%CustomerSeq%_Andre_tfl_mgh_multiecho",
    "ScanningSequence":"GR_IR",
    "Manufacturer":"Siemens",
    "ConversionSoftware":"dcm2niix",
    "PercentPhaseFOV":100,
    "ReconMatrixPE":256,
    "FlipAngle":7,
    "ConversionSoftwareVersion":"v1.0.20171215 Clang9.0.0",
    "SeriesDescription":"MEMPRAGE_1mm_iso_p2_RMS",
    "PartialFourier":1,
    "InstitutionAddress":"Oxford_52_Cambridge_MA_US_02138",
    "ShimSetting":[
        -8458,
        9295,
        3101,
        533,
        25,
        -216,
        338,
        -58
    ],
    "AcquisitionTime":"11:09:13.447500",
    "SequenceName":"tfl3d4_ns",
    "MagneticFieldStrength":3,
    "ImageType":[
        "ORIGINAL",
        "PRIMARY",
        "OTHER",
        "ND",
        "NORM",
        "MEAN"
    ],
    "ReceiveCoilName":"32Ch_Head",
    "EchoTime":0.00164,
    "SequenceVariant":"SP_MP",
    "PhaseResolution":1,
    "BaseResolution":256,
    "PixelBandwidth":651,
    "ScanOptions":"IR",
    "SoftwareVersions":"syngo_MR_B17",
    "StationName":"MEDPC",
    "Modality":"MR",
    "InstitutionalDepartmentName":"Department",
    "PatientPosition":"HFS"
}