{
    "InPlanePhaseEncodingDirectionDICOM":"ROW",
    "ProcedureStepDescription":"Investigators_Young",
    "DeviceSerialNumber":"35380",
    "AcquisitionMatrixPE":72,
    "ImageOrientationPatientDICOM":[
        0.996242,
        0.0479667,
        -0.0721225,
        -0.0865717,
        0.578265,
        -0.811243
    ],
    "EffectiveEchoSpacing":0.000265,
    "TotalReadoutTime":0.018815,
    "ManufacturersModelName":"TrioTim",
    "ProtocolName":"PACExc3_Cor_DC_3mm_49sl_p2",
    "PhaseEncodingDirection":"i",
    "BandwidthPerPixelPhaseEncode":52.411,
    "RepetitionTime":2.5,
    "SeriesNumber":56,
    "PhaseEncodingSteps":71,
    "MRAcquisitionType":"2D",
    "ParallelReductionFactorInPlane":2,
    "SliceThickness":3,
    "AcquisitionNumber":1,
    "InstitutionName":"CBS_Neuroimaging",
    "DwellTime":3.1e-06,
    "TxRefAmp":344.187,
    "DerivedVendorReportedEchoSpacing":0.000529999,
    "SAR":0.18467,
    "PulseSequenceDetails":"%CustomerSeq%_Andre_ep2d_pace_MGH_xcalgo3",
    "ScanningSequence":"EP",
    "Manufacturer":"Siemens",
    "ConversionSoftware":"dcm2niix",
    "PercentPhaseFOV":100,
    "ReconMatrixPE":72,
    "FlipAngle":85,
    "ConversionSoftwareVersion":"v1.0.20171215 Clang9.0.0",
    "SeriesDescription":"PACExc3_Cor_DC_3mm_49sl_p2_unwarped",
    "PartialFourier":1,
    "InstitutionAddress":"Oxford_52_Cambridge_MA_US_02138",
    "ShimSetting":[
        -8489,
        9413,
        3064,
        688,
        -201,
        -5,
        -295,
        -47
    ],
    "AcquisitionTime":"14:20:26.460000",
    "SequenceName":"epfid2d1_72",
    "MagneticFieldStrength":3,
    "TaskName":"ieh",
    "SpacingBetweenSlices":3,
    "ImageType":[
        "ORIGINAL",
        "PRIMARY",
        "M",
        "EPIDIS2D",
        "MOSAIC"
    ],
    "ReceiveCoilName":"32Ch_Head",
    "EchoTime":0.025,
    "SequenceVariant":"SK",
    "SliceTiming":[
        0,
        1.27,
        0.05,
        1.32,
        0.1,
        1.37,
        0.1525,
        1.4225,
        0.2025,
        1.4725,
        0.2525,
        1.5225,
        0.305,
        1.575,
        0.355,
        1.625,
        0.405,
        1.675,
        0.455,
        1.725,
        0.5075,
        1.7775,
        0.5575,
        1.8275,
        0.6075,
        1.8775,
        0.66,
        1.93,
        0.71,
        1.98,
        0.76,
        2.03,
        0.8125,
        2.0825,
        0.8625,
        2.1325,
        0.9125,
        2.1825,
        0.965,
        2.235,
        1.015,
        2.285,
        1.065,
        2.335,
        1.1175,
        2.3875,
        1.1675,
        2.4375,
        1.2175
    ],
    "PhaseResolution":1,
    "BaseResolution":72,
    "PixelBandwidth":2240,
    "ScanOptions":"FS",
    "SoftwareVersions":"syngo_MR_B17",
    "StationName":"MEDPC",
    "Modality":"MR",
    "InstitutionalDepartmentName":"Department",
    "PatientPosition":"HFS"
}