{
    "InPlanePhaseEncodingDirectionDICOM":"ROW",
    "InversionTime":1.2,
    "ProcedureStepDescription":"Investigators_Young",
    "DeviceSerialNumber":"35380",
    "AcquisitionMatrixPE":256,
    "ImageOrientationPatientDICOM":[
        -0.0181699,
        0.99507,
        0.0974941,
        0.0245364,
        0.0979246,
        -0.994891
    ],
    "ManufacturersModelName":"TrioTim",
    "ProtocolName":"MEMPRAGE_1mm_iso_p2",
    "RepetitionTime":2.53,
    "SeriesNumber":5,
    "PhaseEncodingSteps":255,
    "MRAcquisitionType":"3D",
    "ParallelReductionFactorInPlane":2,
    "SliceThickness":1,
    "AcquisitionNumber":1,
    "InstitutionName":"CBS_Neuroimaging",
    "DwellTime":3e-06,
    "TxRefAmp":353.848,
    "SAR":0.0854442,
    "PulseSequenceDetails":"%CustomerSeq%_Andre_tfl_mgh_multiecho",
    "ScanningSequence":"GR_IR",
    "Manufacturer":"Siemens",
    "ConversionSoftware":"dcm2niix",
    "PercentPhaseFOV":100,
    "ReconMatrixPE":256,
    "FlipAngle":7,
    "ConversionSoftwareVersion":"v1.0.20171215 Clang9.0.0",
    "SeriesDescription":"MEMPRAGE_1mm_iso_p2_RMS",
    "PartialFourier":1,
    "InstitutionAddress":"Oxford_52_Cambridge_MA_US_02138",
    "ShimSetting":[
        -8489,
        9172,
        3128,
        528,
        -189,
        -255,
        264,
        -36
    ],
    "AcquisitionTime":"16:17:20.977500",
    "SequenceName":"tfl3d4_ns",
    "MagneticFieldStrength":3,
    "ImageType":[
        "ORIGINAL",
        "PRIMARY",
        "OTHER",
        "ND",
        "NORM",
        "MEAN"
    ],
    "ReceiveCoilName":"32Ch_Head",
    "EchoTime":0.00164,
    "SequenceVariant":"SP_MP",
    "PhaseResolution":1,
    "BaseResolution":256,
    "PixelBandwidth":651,
    "ScanOptions":"IR",
    "SoftwareVersions":"syngo_MR_B17",
    "StationName":"MEDPC",
    "Modality":"MR",
    "InstitutionalDepartmentName":"Department",
    "PatientPosition":"HFS"
}